PATH
  remote: .
  specs:
    es-cli (0.0.1)
      awesome_print (~> 1.6.1)
      elasticsearch (~> 1.0.8)
      gli (= 2.13.0)

GEM
  remote: https://rubygems.org/
  specs:
    aruba (0.6.2)
      childprocess (>= 0.3.6)
      cucumber (>= 1.1.1)
      rspec-expectations (>= 2.7.0)
    awesome_print (1.6.1)
    builder (3.2.2)
    childprocess (0.5.6)
      ffi (~> 1.0, >= 1.0.11)
    cucumber (2.0.0)
      builder (>= 2.1.2)
      cucumber-core (~> 1.1.3)
      diff-lcs (>= 1.1.3)
      gherkin (~> 2.12)
      multi_json (>= 1.7.5, < 2.0)
      multi_test (>= 0.1.2)
    cucumber-core (1.1.3)
      gherkin (~> 2.12.0)
    diff-lcs (1.2.5)
    elasticsearch (1.0.8)
      elasticsearch-api (= 1.0.7)
      elasticsearch-transport (= 1.0.7)
    elasticsearch-api (1.0.7)
      multi_json
    elasticsearch-transport (1.0.7)
      faraday
      multi_json
    faraday (0.9.1)
      multipart-post (>= 1.2, < 3)
    ffi (1.9.8)
    gherkin (2.12.2)
      multi_json (~> 1.3)
    gli (2.13.0)
    json (1.8.2)
    multi_json (1.11.0)
    multi_test (0.1.2)
    multipart-post (2.0.0)
    rake (10.4.2)
    rdoc (4.2.0)
      json (~> 1.4)
    rspec-expectations (3.2.1)
      diff-lcs (>= 1.2.0, < 2.0)
      rspec-support (~> 3.2.0)
    rspec-support (3.2.2)

PLATFORMS
  ruby

DEPENDENCIES
  aruba
  es-cli!
  rake
  rdoc
